PATH
  remote: .
  specs:
    smartcloud (0.0.4)
      hashie
      json
      rest-client

GEM
  remote: http://rubygems.org/
  specs:
    diff-lcs (1.1.2)
    hashie (1.1.0)
    json (1.5.3)
    mime-types (1.16)
    rest-client (1.6.3)
      mime-types (>= 1.16)
    rspec (2.6.0)
      rspec-core (~> 2.6.0)
      rspec-expectations (~> 2.6.0)
      rspec-mocks (~> 2.6.0)
    rspec-core (2.6.4)
    rspec-expectations (2.6.0)
      diff-lcs (~> 1.1.2)
    rspec-mocks (2.6.0)

PLATFORMS
  java
  ruby

DEPENDENCIES
  bundler
  rspec
  smartcloud!
