GEM
  remote: http://rubygems.org/
  specs:
    json (1.5.3)
    mime-types (1.16)
    rest-client (1.6.3)
      mime-types (>= 1.16)

PLATFORMS
  ruby

DEPENDENCIES
  json
  rest-client
