GEM
  remote: http://rubygems.org/
  specs:
    hashie (1.0.0)
    json (1.5.3)
    json (1.5.3-java)
    mime-types (1.16)
    rest-client (1.6.3)
      mime-types (>= 1.16)

PLATFORMS
  java
  ruby

DEPENDENCIES
  hashie
  json
  rest-client
